GEM
  remote: http://rubygems.org/
  specs:
    httparty (0.11.0)
      multi_json (~> 1.0)
      multi_xml (>= 0.5.2)
    json (1.8.0)
    multi_json (1.7.9)
    multi_xml (0.5.5)
    trollop (2.0)

PLATFORMS
  ruby

DEPENDENCIES
  httparty
  json
  trollop
